PATH
  remote: .
  specs:
    ffi32 (0.1.0)
      ffi

GEM
  remote: http://rubygems.org/
  specs:
    ffi (1.9.0)

PLATFORMS
  ruby

DEPENDENCIES
  ffi32!
