PATH
  remote: .
  specs:
    ffi32 (0.1.0)

GEM
  remote: http://rubygems.org/
  specs:

PLATFORMS
  ruby

DEPENDENCIES
  ffi32!
